GEM
  remote: http://rubygems.org/
  specs:
    bunny (0.8.0)
    rake (0.9.2.2)

PLATFORMS
  ruby

DEPENDENCIES
  bunny
  rake
